PATH
  remote: .
  specs:
    valkey-objects (0.1.1)
      awesome_print
      json
      redis-client
      ruby-duration

GEM
  remote: https://rubygems.org/
  specs:
    activesupport (7.2.1)
      base64
      bigdecimal
      concurrent-ruby (~> 1.0, >= 1.3.1)
      connection_pool (>= 2.2.5)
      drb
      i18n (>= 1.6, < 2)
      logger (>= 1.4.2)
      minitest (>= 5.1)
      securerandom (>= 0.3)
      tzinfo (~> 2.0, >= 2.0.5)
    awesome_print (1.9.2)
    base64 (0.2.0)
    bigdecimal (3.1.8)
    concurrent-ruby (1.3.4)
    connection_pool (2.4.1)
    drb (2.2.1)
    i18n (1.14.6)
      concurrent-ruby (~> 1.0)
    iso8601 (0.13.0)
    json (2.7.2)
    logger (1.6.1)
    minitest (5.25.1)
    rake (13.2.1)
    redis-client (0.22.2)
      connection_pool
    ruby-duration (3.2.3)
      activesupport (>= 3.0.0)
      i18n
      iso8601
    securerandom (0.3.1)
    tzinfo (2.0.6)
      concurrent-ruby (~> 1.0)

PLATFORMS
  ruby
  x86_64-linux

DEPENDENCIES
  rake (~> 13.0)
  valkey-objects!

BUNDLED WITH
   2.5.4
